GEM
  remote: https://rubygems.org/
  specs:
    activemodel (3.2.6)
      activesupport (= 3.2.6)
      builder (~> 3.0.0)
    activerecord (3.2.6)
      activemodel (= 3.2.6)
      activesupport (= 3.2.6)
      arel (~> 3.0.2)
      tzinfo (~> 0.3.29)
    activesupport (3.2.6)
      i18n (~> 0.6)
      multi_json (~> 1.0)
    arel (3.0.2)
    attr_required (0.0.5)
    builder (3.0.0)
    daemons (1.1.8)
    eventmachine (0.12.10)
    fb_graph (2.4.17)
      httpclient (>= 2.2.0.2)
      rack-oauth2 (>= 0.14.4)
      tzinfo
    haml (3.1.6)
    httpclient (2.2.5)
    i18n (0.6.0)
    json (1.7.3)
    multi_json (1.3.6)
    pg (0.14.0)
    postgres (0.8.1)
      pg (~> 0)
    rack (1.4.1)
    rack-oauth2 (0.14.4)
      activesupport (>= 2.3)
      attr_required (>= 0.0.5)
      httpclient (>= 2.2.0.2)
      i18n
      json (>= 1.4.3)
      rack (>= 1.1)
    rack-protection (1.2.0)
      rack
    sass (3.1.19)
    shotgun (0.9)
      rack (>= 1.0)
    sinatra (1.3.2)
      rack (~> 1.3, >= 1.3.6)
      rack-protection (~> 1.2)
      tilt (~> 1.3, >= 1.3.3)
    sinatra-activerecord (1.1.0)
      activerecord (~> 3.0)
      sinatra (~> 1.0)
    sqlite3 (1.3.6)
    thin (1.3.1)
      daemons (>= 1.0.9)
      eventmachine (>= 0.12.6)
      rack (>= 1.0.0)
    tilt (1.3.3)
    tzinfo (0.3.33)

PLATFORMS
  ruby

DEPENDENCIES
  fb_graph
  haml
  postgres
  sass
  shotgun
  sinatra
  sinatra-activerecord
  sqlite3
  thin
